PATH
  remote: .
  specs:
    valuedate (0.0.6)
      riot (>= 0.10.11)

GEM
  remote: http://rubygems.org/
  specs:
    riot (0.11.4)
      rr
      term-ansicolor
    riot_notifier (0.3.0)
      riot (~> 0.11.0)
    rr (1.0.2)
    term-ansicolor (1.0.5)

PLATFORMS
  ruby

DEPENDENCIES
  riot_notifier
  valuedate!
